GEM
  remote: https://rubygems.org/
  specs:
    webrick (1.8.2)

PLATFORMS
  ruby

DEPENDENCIES
  webrick
